GEM
  remote: https://rubygems.org/
  specs:
    gepub (0.6.9.2)
      nokogiri (~> 1.6.1)
      rubyzip (>= 1.1.1)
    iconv (1.0.4)
    liquid (2.6.1)
    maliq (0.0.11)
      gepub
      liquid
      rdiscount
      trollop
    mini_portile (0.5.3)
    nokogiri (1.6.1)
      mini_portile (~> 0.5.0)
    rdiscount (2.1.7)
    ruby-aaws (0.7.0)
    rubyzip (1.1.2)
    trollop (2.0)

PLATFORMS
  ruby

DEPENDENCIES
  iconv
  maliq
  ruby-aaws
